PATH
  remote: .
  specs:
    user_agent_parser (2.16.0)

GEM
  remote: https://rubygems.org/
  specs:
    coveralls_reborn (0.28.0)
      simplecov (~> 0.22.0)
      term-ansicolor (~> 1.7)
      thor (~> 1.2)
      tins (~> 1.32)
    docile (1.4.0)
    minitest (5.22.2)
    rake (13.1.0)
    simplecov (0.22.0)
      docile (~> 1.1)
      simplecov-html (~> 0.11)
      simplecov_json_formatter (~> 0.1)
    simplecov-html (0.12.3)
    simplecov_json_formatter (0.1.4)
    sync (0.5.0)
    term-ansicolor (1.7.1)
      tins (~> 1.0)
    thor (1.3.0)
    tins (1.32.1)
      sync

PLATFORMS
  java
  ruby

DEPENDENCIES
  coveralls_reborn
  minitest
  rake
  user_agent_parser!

BUNDLED WITH
   2.5.6
