PATH
  remote: .
  specs:
    user_agent_parser (2.19.0)

GEM
  remote: https://rubygems.org/
  specs:
    bigdecimal (3.2.2)
    bigdecimal (3.2.2-java)
    coveralls_reborn (0.29.0)
      simplecov (~> 0.22.0)
      term-ansicolor (~> 1.7)
      thor (~> 1.2)
      tins (~> 1.32)
    docile (1.4.1)
    minitest (5.25.5)
    rake (13.3.0)
    simplecov (0.22.0)
      docile (~> 1.1)
      simplecov-html (~> 0.11)
      simplecov_json_formatter (~> 0.1)
    simplecov-html (0.13.2)
    simplecov_json_formatter (0.1.4)
    sync (0.5.0)
    term-ansicolor (1.11.2)
      tins (~> 1.0)
    thor (1.4.0)
    tins (1.38.0)
      bigdecimal
      sync

PLATFORMS
  java
  ruby

DEPENDENCIES
  coveralls_reborn
  minitest
  rake
  user_agent_parser!

BUNDLED WITH
   2.6.9
