PATH
  remote: .
  specs:
    user_agent_parser (1.0.2)

GEM
  remote: https://rubygems.org/
  specs:
    minitest (2.12.1)
    rake (10.0.3)

PLATFORMS
  ruby

DEPENDENCIES
  minitest
  rake
  user_agent_parser!
