PATH
  remote: .
  specs:
    user_agent_parser (2.10.0)

GEM
  remote: https://rubygems.org/
  specs:
    coveralls_reborn (0.24.0)
      simplecov (>= 0.18.1, < 0.22.0)
      term-ansicolor (~> 1.6)
      thor (>= 0.20.3, < 2.0)
      tins (~> 1.16)
    docile (1.4.0)
    minitest (5.15.0)
    rake (13.0.6)
    simplecov (0.21.2)
      docile (~> 1.1)
      simplecov-html (~> 0.11)
      simplecov_json_formatter (~> 0.1)
    simplecov-html (0.12.3)
    simplecov_json_formatter (0.1.4)
    sync (0.5.0)
    term-ansicolor (1.7.1)
      tins (~> 1.0)
    thor (1.2.1)
    tins (1.31.0)
      sync

PLATFORMS
  java
  ruby

DEPENDENCIES
  coveralls_reborn
  minitest
  rake
  user_agent_parser!

BUNDLED WITH
   2.3.11
